GEM
  remote: http://rubygems.org/
  specs:
    bouncy-castle-java (1.5.0146.1)
    builder (3.0.0)
    cucumber (0.10.3)
      builder (>= 2.1.2)
      diff-lcs (>= 1.1.2)
      gherkin (>= 2.3.8)
      json (>= 1.4.6)
      term-ansicolor (>= 1.0.5)
    diff-lcs (1.1.2)
    fakeweb (1.3.0)
    gherkin (2.3.9-java)
      json (>= 1.4.6)
    jruby-openssl (0.7.4)
      bouncy-castle-java
    json (1.5.1-java)
    rack (1.3.0)
    rack-test (0.6.0)
      rack (>= 1.0)
    term-ansicolor (1.0.5)

PLATFORMS
  java

DEPENDENCIES
  cucumber
  fakeweb
  jruby-openssl
  rack-test
